GEM
  remote: https://rubygems.org/
  specs:
    chronic_duration (0.10.6)
      numerizer (~> 0.1.1)
    colorize (0.8.1)
    diff-lcs (1.3)
    event_emitter (0.2.5)
    events (0.9.8)
    facter (2.4.6)
    hiera (3.3.1)
    indentation (0.1.1)
    json_pure (1.8.6)
    komenda (0.1.8)
      events (~> 0.9.8)
    multi_json (1.12.1)
    net-scp (1.2.1)
      net-ssh (>= 2.6.5)
    net-ssh (3.2.0)
    net-telnet (0.1.1)
    numerizer (0.1.1)
    puppet (4.7.1)
      facter (> 2.0, < 4)
      hiera (>= 2.0, < 4)
      json_pure (~> 1.8)
    puppet-lint (2.2.1)
    puppet-syntax (2.4.0)
      rake
    rake (11.3.0)
    rspec (3.6.0)
      rspec-core (~> 3.6.0)
      rspec-expectations (~> 3.6.0)
      rspec-mocks (~> 3.6.0)
    rspec-core (3.6.0)
      rspec-support (~> 3.6.0)
    rspec-expectations (3.6.0)
      diff-lcs (>= 1.2.0, < 2.0)
      rspec-support (~> 3.6.0)
    rspec-its (1.2.0)
      rspec-core (>= 3.0.0)
      rspec-expectations (>= 3.0.0)
    rspec-json_expectations (1.4.0)
    rspec-mocks (3.6.0)
      diff-lcs (>= 1.2.0, < 2.0)
      rspec-support (~> 3.6.0)
    rspec-support (3.6.0)
    serverspec (2.39.1)
      multi_json
      rspec (~> 3.0)
      rspec-its
      specinfra (~> 2.68)
    sfl (2.3)
    specinfra (2.68.0)
      net-scp
      net-ssh (>= 2.7, < 5.0)
      net-telnet
      sfl

PLATFORMS
  ruby

DEPENDENCIES
  chronic_duration (~> 0.10.6)
  colorize (~> 0.8.1)
  event_emitter (~> 0.2.5)
  indentation (~> 0.1.1)
  komenda (~> 0.1.4)
  net-ssh (~> 3.2.0)
  puppet (~> 4.7.0)
  puppet-lint (~> 2.2)
  puppet-syntax (~> 2.4)
  rake (~> 11.3)
  rspec-core (~> 3.5)
  rspec-json_expectations (~> 1.4)
  serverspec (~> 2.8)
  specinfra (~> 2.12)

BUNDLED WITH
   1.14.6
